GEM
  remote: https://rubygems.org/
  specs:
    coderay (1.1.3)
    domain_name (0.5.20190701)
      unf (>= 0.0.5, < 1.0.0)
    geocoder (1.6.7)
    gpx (1.0.0)
      nokogiri (~> 1.7)
      rake
    http-accept (1.7.0)
    http-cookie (1.0.4)
      domain_name (~> 0.5)
    method_source (1.0.0)
    mime-types (3.3.1)
      mime-types-data (~> 3.2015)
    mime-types-data (3.2021.0901)
    mini_portile2 (2.6.1)
    mustermann (1.1.1)
      ruby2_keywords (~> 0.0.1)
    netrc (0.11.0)
    nokogiri (1.12.5)
      mini_portile2 (~> 2.6.1)
      racc (~> 1.4)
    pry (0.14.1)
      coderay (~> 1.1)
      method_source (~> 1.0)
    racc (1.5.2)
    rack (2.2.3)
    rack-protection (2.1.0)
      rack
    rake (13.0.6)
    rest-client (2.1.0)
      http-accept (>= 1.7.0, < 2.0)
      http-cookie (>= 1.0.2, < 2.0)
      mime-types (>= 1.16, < 4.0)
      netrc (~> 0.8)
    ruby2_keywords (0.0.5)
    sinatra (2.1.0)
      mustermann (~> 1.0)
      rack (~> 2.2)
      rack-protection (= 2.1.0)
      tilt (~> 2.0)
    tilt (2.0.10)
    unf (0.1.4)
      unf_ext
    unf_ext (0.0.8)

PLATFORMS
  ruby

DEPENDENCIES
  geocoder (~> 1.3, >= 1.3.7)
  gpx (~> 1.0)
  pry
  rest-client (~> 2.1)
  sinatra (~> 2.0, >= 2.0.8.1)

BUNDLED WITH
   2.1.4
